GEM
  remote: https://rubygems.org/
  specs:
    httparty (0.15.4)
      multi_xml (>= 0.5.2)
    mini_portile2 (2.1.0)
    multi_xml (0.6.0)
    nokogiri (1.7.2)
      mini_portile2 (~> 2.1.0)

PLATFORMS
  ruby

DEPENDENCIES
  httparty
  nokogiri

RUBY VERSION
   ruby 2.4.1p111

BUNDLED WITH
   1.14.6
